GEM
  remote: https://rubygems.org/
  specs:
    chunky_png (1.3.6)
    logger (1.2.8)

PLATFORMS
  x64-mingw32

DEPENDENCIES
  chunky_png
  logger

BUNDLED WITH
   1.12.5
